GEM
  remote: https://rubygems.org/
  specs:
    addressable (2.2.6)
    annoy (0.5.6)
      highline (>= 1.5.0)
    attic (0.5.3)
    bcrypt (3.1.17)
    byebug (11.1.0)
    byebug-dap (0.1.4)
      byebug (~> 11.1)
      ruby-dap (~> 0.1.2)
    daemons (1.4.1)
    drydock (0.6.9)
    encryptor (1.1.3)
    eventmachine (1.2.7)
    familia (0.7.1)
      gibbler (>= 0.8.6)
      multi_json (>= 0.0.5)
      redis (>= 2.1.0)
      storable (>= 0.8.6)
      uri-redis (>= 0.4.2)
    gibbler (0.8.9)
      attic (>= 0.4.0)
    highline (2.1.0)
    httparty (0.10.0)
      multi_json (~> 1.0)
      multi_xml
    mail (2.5.5)
      mime-types (~> 1.16)
      treetop (~> 1.4.8)
    mime-types (1.25.1)
    multi_json (1.15.0)
    multi_xml (0.6.0)
    mustache (0.99.3)
    otto (0.4.1)
      addressable (>= 2.2.6)
      rack (>= 1.2.1)
    polyglot (0.3.5)
    rack (2.1.4.1)
    redis (2.2.2)
    redis-dump (0.3.2)
      drydock (>= 0.6.9)
      redis (>= 2.0)
      uri-redis (>= 0.4.0)
      yajl-ruby (>= 0.1)
    ruby-dap (0.1.3)
    ruby_http_client (3.5.5)
    sendgrid-ruby (6.6.2)
      ruby_http_client (~> 3.4)
    storable (0.8.9)
    sysinfo (0.8.1)
      drydock
      storable
    thin (1.8.1)
      daemons (~> 1.0, >= 1.0.9)
      eventmachine (~> 1.0, >= 1.0.4)
      rack (>= 1, < 3)
    treetop (1.4.15)
      polyglot
      polyglot (>= 0.3.1)
    uri-redis (0.4.2)
    yajl-ruby (1.4.3)

PLATFORMS
  aarch64-linux
  arm64-darwin-22
  x86_64-linux

DEPENDENCIES
  addressable (= 2.2.6)
  annoy (= 0.5.6)
  bcrypt (= 3.1.17)
  byebug (= 11.1)
  byebug-dap
  encryptor (= 3.0.0)
  familia (= 0.7.1)
  gibbler (= 0.8.9)
  httparty (= 0.10.0)
  mail (= 2.5.5)
  mustache (= 0.99.3)
  otto (= 0.4.1)
  rack (= 2.1.4.1)
  redis (= 2.2.2)
  redis-dump (= 0.3.2)
  sendgrid-ruby (= 6.6.2)
  storable (= 0.8.9)
  sysinfo (= 0.8.1)
  thin (= 1.8.1)
  yajl-ruby (= 1.4.3)

BUNDLED WITH
   2.4.12
